GIT
  remote: https://github.com/raggi/async_sinatra.git
  revision: 567fcf9be35585f2eeda80d0589e8d536e197d8f
  specs:
    async_sinatra (1.1.0)
      rack (>= 1.4.1)
      sinatra (>= 1.3.2)

GEM
  remote: https://rubygems.org/
  specs:
    addressable (2.3.6)
    blockenspiel (0.4.5)
    cookiejar (0.3.2)
    em-http-request (1.1.2)
      addressable (>= 2.3.4)
      cookiejar
      em-socksify (>= 0.3)
      eventmachine (>= 1.0.3)
      http_parser.rb (>= 0.6.0)
    em-socksify (0.3.0)
      eventmachine (>= 1.0.0.beta.4)
    eventmachine (1.0.3)
    faraday (0.9.0)
      multipart-post (>= 1.2, < 3)
    faraday-http-cache (0.4.1)
      faraday (~> 0.8)
    haml (4.0.5)
      tilt
    http_parser.rb (0.6.0)
    kgio (2.9.2)
    multipart-post (2.0.0)
    rack (1.5.2)
    rack-handlers (0.7.0)
      rack
    rack-protection (1.5.3)
      rack
    rainbows (4.6.2)
      kgio (~> 2.5)
      rack (~> 1.1)
      unicorn (~> 4.8)
    raindrops (0.13.0)
    redis (3.1.0)
    redis-sinatra (1.4.0)
      redis-store (~> 1.1.0)
      sinatra (~> 1.4.0)
    redis-store (1.1.4)
      redis (>= 2.2)
    sinatra (1.4.5)
      rack (~> 1.4)
      rack-protection (~> 1.4)
      tilt (~> 1.3, >= 1.3.4)
    sinatra-cache (0.3.7)
      sinatra (>= 1.1.0)
      sinatra-outputbuffer (>= 0.1.0)
    sinatra-outputbuffer (0.1.0)
      sinatra (>= 1.0.a)
    sinatra-settings (0.1.2)
      sinatra (>= 1.0)
    tilt (1.4.1)
    unicorn (4.8.3)
      kgio (~> 2.6)
      rack
      raindrops (~> 0.7)
    versionomy (0.4.4)
      blockenspiel (>= 0.4.5)

PLATFORMS
  ruby

DEPENDENCIES
  async_sinatra!
  em-http-request
  faraday
  faraday-http-cache
  haml
  rack-handlers
  rainbows
  redis
  redis-sinatra
  sinatra (= 1.4.5)
  sinatra-cache
  sinatra-outputbuffer
  sinatra-settings
  versionomy
