GIT
  remote: git://github.com/celluloid/lattice.git
  revision: e27c48b18c4f4130cb131f3b03a74208788fb0a3
  specs:
    lattice (0.3.0)
      activesupport (>= 4.0.0)
      celluloid (>= 0.15.1)
      colorize (>= 0.5.0)
      reel (>= 0.6.0)
      thor (>= 0.18.0)
      webmachine (>= 1.2.1)

GIT
  remote: git://github.com/seancribbs/webmachine-ruby.git
  revision: e92f3992104772a7a1ded0773a076b4149dab9ca
  specs:
    webmachine (1.3.1)
      as-notifications (~> 1.0)
      i18n (>= 0.4.0)
      multi_json

GIT
  remote: https://github.com/celluloid/reel.git
  revision: b92756dde5f22b114cffae9e51ccaf6196c581ca
  specs:
    reel (0.6.0)
      celluloid (>= 0.15.1)
      celluloid-io (>= 0.15.0)
      http (>= 0.6.0.pre)
      http_parser.rb (>= 0.6.0)
      websocket_parser (>= 0.1.6)

GEM
  remote: https://rubygems.org/
  specs:
    activesupport (4.2.0)
      i18n (~> 0.7)
      json (~> 1.7, >= 1.7.7)
      minitest (~> 5.1)
      thread_safe (~> 0.3, >= 0.3.4)
      tzinfo (~> 1.1)
    addressable (2.3.7)
    as-notifications (1.0.1)
    backports (3.6.4)
    blockenspiel (0.4.5)
    celluloid (0.16.0)
      timers (~> 4.0.0)
    celluloid-io (0.16.2)
      celluloid (>= 0.16.0)
      nio4r (>= 1.1.0)
    colorize (0.7.5)
    dotenv (1.0.2)
    ffi (1.9.6)
    foreman (0.77.0)
      dotenv (~> 1.0.2)
      thor (~> 0.19.1)
    form_data (0.1.0)
    hitimes (1.2.2)
    http (0.7.1)
      form_data (~> 0.1.0)
      http_parser.rb (~> 0.6.0)
    http_parser.rb (0.6.0)
    i18n (0.7.0)
    json (1.8.2)
    listen (2.8.5)
      celluloid (>= 0.15.2)
      rb-fsevent (>= 0.9.3)
      rb-inotify (>= 0.9)
    mime-types (1.25.1)
    minitest (5.5.1)
    multi_json (1.10.1)
    nio4r (1.1.0)
    rack (1.6.0)
    rack-protection (1.5.3)
      rack
    rack-test (0.6.3)
      rack (>= 1.0)
    rb-fsevent (0.9.4)
    rb-inotify (0.9.5)
      ffi (>= 0.5.0)
    rdoc (4.2.0)
      json (~> 1.4)
    rerun (0.10.0)
      listen (~> 2.7, >= 2.7.3)
    rest-client (1.6.8)
      mime-types (~> 1.16)
      rdoc (>= 2.4.2)
    sinatra (1.4.5)
      rack (~> 1.4)
      rack-protection (~> 1.4)
      tilt (~> 1.3, >= 1.3.4)
    sinatra-contrib (1.4.2)
      backports (>= 2.0)
      multi_json
      rack-protection
      rack-test
      sinatra (~> 1.4.0)
      tilt (~> 1.3)
    thor (0.19.1)
    thread_safe (0.3.4)
    tilt (1.4.1)
    timers (4.0.1)
      hitimes
    tzinfo (1.2.2)
      thread_safe (~> 0.1)
    unirest (1.1.2)
      addressable (~> 2.3.5)
      json (~> 1.8.1)
      rest-client (~> 1.6.7)
    versionomy (0.4.4)
      blockenspiel (>= 0.4.5)
    webmachine-test (0.3.0)
      webmachine
    websocket_parser (1.0.0)

PLATFORMS
  ruby

DEPENDENCIES
  activesupport
  celluloid
  celluloid-io
  foreman
  lattice!
  rack
  rb-fsevent
  reel!
  rerun
  sinatra-contrib
  unirest
  versionomy
  webmachine!
  webmachine-test
