GIT
  remote: https://github.com/seancribbs/webmachine-ruby.git
  revision: bc7b147c5c7369c6e841d3eef30efe9f454ed108
  specs:
    webmachine (1.4.0)
      as-notifications (~> 1.0)
      i18n (>= 0.4.0)
      multi_json

GEM
  remote: https://rubygems.org/
  specs:
    activesupport (4.2.5.1)
      i18n (~> 0.7)
      json (~> 1.7, >= 1.7.7)
      minitest (~> 5.1)
      thread_safe (~> 0.3, >= 0.3.4)
      tzinfo (~> 1.1)
    adamantium (0.2.0)
      ice_nine (~> 0.11.0)
      memoizable (~> 0.4.0)
    addressable (2.4.0)
    as-notifications (1.0.1)
    blockenspiel (0.5.0)
    coderay (1.1.0)
    colored (1.2)
    concurrent-ruby (1.0.0)
    concurrent-ruby-edge (0.2.0)
      concurrent-ruby (~> 1.0.0)
    coveralls (0.8.10)
      json (~> 1.8)
      rest-client (>= 1.6.8, < 2)
      simplecov (~> 0.11.0)
      term-ansicolor (~> 1.3)
      thor (~> 0.19.1)
      tins (~> 1.6.0)
    diff-lcs (1.2.5)
    docile (1.1.5)
    ethon (0.8.0)
      ffi (>= 1.3.0)
    eventmachine (1.0.9.1)
    ffi (1.9.10)
    foreman (0.78.0)
      thor (~> 0.19.1)
    github-markup (1.4.0)
    http_parser.rb (0.6.0)
    httpkit (0.6.0)
      adamantium (~> 0.2.0)
      eventmachine (~> 1.0)
      http_parser.rb (~> 0.6.0)
      promise.rb (~> 0.6.0)
    i18n (0.7.0)
    ice_nine (0.11.2)
    inch (0.7.0)
      pry
      sparkr (>= 0.2.0)
      term-ansicolor
      yard (~> 0.8.7.5)
    json (1.8.3)
    listen (3.0.6)
      rb-fsevent (>= 0.9.3)
      rb-inotify (>= 0.9.7)
    memoizable (0.4.2)
      thread_safe (~> 0.3, >= 0.3.1)
    metaclass (0.0.4)
    method_source (0.8.2)
    mime-types (1.25.1)
    minitest (5.8.4)
    mocha (1.1.0)
      metaclass (~> 0.0.1)
    multi_json (1.11.2)
    promise.rb (0.6.1)
    pry (0.10.3)
      coderay (~> 1.1.0)
      method_source (~> 0.8.1)
      slop (~> 3.4)
    rack (1.6.4)
    rack-test (0.6.3)
      rack (>= 1.0)
    rake (10.5.0)
    rb-fsevent (0.9.7)
    rb-inotify (0.9.7)
      ffi (>= 0.5.0)
    redcarpet (3.3.4)
    rerun (0.11.0)
      listen (~> 3.0)
    rest-client (1.6.9)
      mime-types (~> 1.16)
    rspec (3.4.0)
      rspec-core (~> 3.4.0)
      rspec-expectations (~> 3.4.0)
      rspec-mocks (~> 3.4.0)
    rspec-core (3.4.2)
      rspec-support (~> 3.4.0)
    rspec-expectations (3.4.0)
      diff-lcs (>= 1.2.0, < 2.0)
      rspec-support (~> 3.4.0)
    rspec-mocks (3.4.1)
      diff-lcs (>= 1.2.0, < 2.0)
      rspec-support (~> 3.4.0)
    rspec-support (3.4.1)
    simplecov (0.11.2)
      docile (~> 1.1.0)
      json (~> 1.8)
      simplecov-html (~> 0.10.0)
    simplecov-html (0.10.0)
    simplecov-summary (0.0.4)
      colored
      simplecov
    slop (3.6.0)
    sparkr (0.4.1)
    term-ansicolor (1.3.2)
      tins (~> 1.0)
    thor (0.19.1)
    thread_safe (0.3.5)
    tins (1.6.0)
    typhoeus (0.8.0)
      ethon (>= 0.8.0)
    tzinfo (1.2.2)
      thread_safe (~> 0.1)
    versionomy (0.5.0)
      blockenspiel (~> 0.5)
    yard (0.8.7.6)
    yard-rspec (0.1)
      yard

PLATFORMS
  ruby

DEPENDENCIES
  activesupport
  addressable
  concurrent-ruby (~> 1.0, >= 1.0)
  concurrent-ruby-edge (~> 0.2, >= 0.2)
  coveralls
  foreman
  github-markup
  httpkit
  inch
  mocha
  rack
  rack-test
  rake
  rb-fsevent
  redcarpet
  rerun
  rspec
  simplecov
  simplecov-summary
  typhoeus
  versionomy
  webmachine!
  yard
  yard-rspec

BUNDLED WITH
   1.10.6
