GEM
  remote: https://rubygems.org/
  specs:
    activesupport (4.2.4)
      i18n (~> 0.7)
      json (~> 1.7, >= 1.7.7)
      minitest (~> 5.1)
      thread_safe (~> 0.3, >= 0.3.4)
      tzinfo (~> 1.1)
    addressable (2.3.8)
    async_sinatra (1.2.0)
      rack (>= 1.4.1)
      sinatra (>= 1.3.2)
    backports (3.6.7)
    blockenspiel (0.4.5)
    coderay (1.1.0)
    coffee-script (2.4.1)
      coffee-script-source
      execjs
    coffee-script-source (1.10.0)
    colored (1.2)
    cookiejar (0.3.2)
    coveralls (0.8.6)
      json (~> 1.8)
      rest-client (>= 1.6.8, < 2)
      simplecov (~> 0.10.0)
      term-ansicolor (= 1.3)
      thor (~> 0.19.1)
      tins (= 1.6.0)
    diff-lcs (1.2.5)
    docile (1.1.5)
    domain_name (0.5.25)
      unf (>= 0.0.5, < 1.0.0)
    em-http-request (1.1.2)
      addressable (>= 2.3.4)
      cookiejar
      em-socksify (>= 0.3)
      eventmachine (>= 1.0.3)
      http_parser.rb (>= 0.6.0)
    em-socksify (0.3.1)
      eventmachine (>= 1.0.0.beta.4)
    ethon (0.8.0)
      ffi (>= 1.3.0)
    eventmachine (1.0.8)
    execjs (2.6.0)
    ffi (1.9.10)
    foreman (0.78.0)
      thor (~> 0.19.1)
    github-markup (1.4.0)
    hike (1.2.3)
    http-cookie (1.0.2)
      domain_name (~> 0.5)
    http_parser.rb (0.6.0)
    i18n (0.7.0)
    inch (0.7.0)
      pry
      sparkr (>= 0.2.0)
      term-ansicolor
      yard (~> 0.8.7.5)
    json (1.8.3)
    kgio (2.10.0)
    libv8 (3.16.14.13)
    listen (3.0.4)
      rb-fsevent (>= 0.9.3)
      rb-inotify (>= 0.9)
    media-magic (0.0.2)
    metaclass (0.0.4)
    method_source (0.8.2)
    mime-types (2.6.2)
    minitest (5.8.2)
    mocha (1.1.0)
      metaclass (~> 0.0.1)
    multi_json (1.11.2)
    netrc (0.11.0)
    pry (0.10.3)
      coderay (~> 1.1.0)
      method_source (~> 0.8.1)
      slop (~> 3.4)
    rack (1.6.4)
    rack-handlers (0.7.0)
      rack
    rack-protection (1.5.3)
      rack
    rack-test (0.6.3)
      rack (>= 1.0)
    rainbows (4.7.0)
      kgio (~> 2.5)
      rack (~> 1.1)
      unicorn (~> 4.8)
    raindrops (0.15.0)
    rake (10.4.2)
    rb-fsevent (0.9.6)
    rb-inotify (0.9.5)
      ffi (>= 0.5.0)
    redcarpet (3.3.3)
    ref (2.0.0)
    rerun (0.11.0)
      listen (~> 3.0)
    rest-client (1.8.0)
      http-cookie (>= 1.0.2, < 2.0)
      mime-types (>= 1.16, < 3.0)
      netrc (~> 0.7)
    rspec (3.4.0)
      rspec-core (~> 3.4.0)
      rspec-expectations (~> 3.4.0)
      rspec-mocks (~> 3.4.0)
    rspec-core (3.4.0)
      rspec-support (~> 3.4.0)
    rspec-expectations (3.4.0)
      diff-lcs (>= 1.2.0, < 2.0)
      rspec-support (~> 3.4.0)
    rspec-mocks (3.4.0)
      diff-lcs (>= 1.2.0, < 2.0)
      rspec-support (~> 3.4.0)
    rspec-support (3.4.0)
    sass (3.4.19)
    simplecov (0.10.0)
      docile (~> 1.1.0)
      json (~> 1.8)
      simplecov-html (~> 0.10.0)
    simplecov-html (0.10.0)
    simplecov-summary (0.0.4)
      colored
      simplecov
    sinatra (1.4.6)
      rack (~> 1.4)
      rack-protection (~> 1.4)
      tilt (>= 1.3, < 3)
    sinatra-asset-pipeline (0.7.0)
      coffee-script (~> 2.3)
      rake (~> 10.0)
      sass (~> 3.1)
      sinatra (~> 1.4)
      sprockets (~> 2.12)
      sprockets-helpers (~> 1.1)
      sprockets-sass (~> 1.2)
    sinatra-contrib (1.4.6)
      backports (>= 2.0)
      multi_json
      rack-protection
      rack-test
      sinatra (~> 1.4.0)
      tilt (>= 1.3, < 3)
    sinatra-outputbuffer (0.1.0)
      sinatra (>= 1.0.a)
    sinatra-settings (0.1.2)
      sinatra (>= 1.0)
    slop (3.6.0)
    sparkr (0.4.1)
    sprockets (2.12.4)
      hike (~> 1.2)
      multi_json (~> 1.0)
      rack (~> 1.0)
      tilt (~> 1.1, != 1.3.0)
    sprockets-helpers (1.2.1)
      sprockets (>= 2.2)
    sprockets-sass (1.3.1)
      sprockets (~> 2.0)
      tilt (~> 1.1)
    term-ansicolor (1.3.0)
      tins (~> 1.0)
    therubyracer (0.12.2)
      libv8 (~> 3.16.14.0)
      ref
    thor (0.19.1)
    thread_safe (0.3.5)
    tilt (1.4.1)
    tins (1.6.0)
    typhoeus (0.8.0)
      ethon (>= 0.8.0)
    tzinfo (1.2.2)
      thread_safe (~> 0.1)
    uglifier (2.7.2)
      execjs (>= 0.3.0)
      json (>= 1.8.0)
    unf (0.1.4)
      unf_ext
    unf_ext (0.0.7.1)
    unicorn (4.9.0)
      kgio (~> 2.6)
      rack
      raindrops (~> 0.7)
    versionomy (0.4.4)
      blockenspiel (>= 0.4.5)
    yard (0.8.7.6)
    yard-rspec (0.1)
      yard
    yui-compressor (0.12.0)

PLATFORMS
  ruby

DEPENDENCIES
  activesupport
  async_sinatra
  coveralls
  em-http-request
  foreman
  github-markup
  inch
  media-magic
  mocha
  rack
  rack-handlers
  rack-test
  rainbows
  rb-fsevent
  redcarpet
  rerun
  rspec
  simplecov
  simplecov-summary
  sinatra
  sinatra-asset-pipeline
  sinatra-contrib
  sinatra-outputbuffer
  sinatra-settings
  therubyracer
  typhoeus
  uglifier
  versionomy
  yard
  yard-rspec
  yui-compressor

BUNDLED WITH
   1.10.6
