GEM
  remote: https://rubygems.org/
  specs:
    activesupport (5.2.2)
      concurrent-ruby (~> 1.0, >= 1.0.2)
      i18n (>= 0.7, < 2)
      minitest (~> 5.1)
      tzinfo (~> 1.1)
    addressable (2.5.2)
      public_suffix (>= 2.0.2, < 4.0)
    async_sinatra (1.3.0)
      rack (>= 2.0.0)
      sinatra (>= 1.4.8)
    backports (3.11.4)
    blockenspiel (0.5.0)
    colorize (0.8.1)
    concurrent-ruby (1.1.4)
    cookiejar (0.3.3)
    coveralls (0.8.22)
      json (>= 1.8, < 3)
      simplecov (~> 0.16.1)
      term-ansicolor (~> 1.3)
      thor (~> 0.19.4)
      tins (~> 1.6)
    diff-lcs (1.3)
    docile (1.3.1)
    em-http-request (1.1.5)
      addressable (>= 2.3.4)
      cookiejar (!= 0.3.1)
      em-socksify (>= 0.3)
      eventmachine (>= 1.0.3)
      http_parser.rb (>= 0.6.0)
    em-socksify (0.3.2)
      eventmachine (>= 1.0.0.beta.4)
    eventmachine (1.2.7)
    ffi (1.10.0)
    foreman (0.85.0)
      thor (~> 0.19.1)
    http_parser.rb (0.6.0)
    i18n (1.5.1)
      concurrent-ruby (~> 1.0)
    json (2.1.0)
    kgio (2.11.2)
    listen (3.1.5)
      rb-fsevent (~> 0.9, >= 0.9.4)
      rb-inotify (~> 0.9, >= 0.9.7)
      ruby_dep (~> 1.2)
    localmemcache (0.4.4)
    minitest (5.11.3)
    moneta (1.0.0)
    multi_json (1.13.1)
    mustermann (1.0.3)
    public_suffix (3.0.3)
    rack (2.0.6)
    rack-handlers (0.7.3)
      rack
    rack-protection (2.0.5)
      rack
    rack-test (1.1.0)
      rack (>= 1.0, < 3)
    rack-timeout (0.5.1)
    rainbows (5.2.0)
      kgio (~> 2.5)
      rack (>= 1.1, < 3.0)
      unicorn (~> 5.1)
    raindrops (0.19.0)
    rake (12.3.2)
    rb-fsevent (0.10.3)
    rb-inotify (0.10.0)
      ffi (~> 1.0)
    rerun (0.13.0)
      listen (~> 3.0)
    rspec (3.8.0)
      rspec-core (~> 3.8.0)
      rspec-expectations (~> 3.8.0)
      rspec-mocks (~> 3.8.0)
    rspec-core (3.8.0)
      rspec-support (~> 3.8.0)
    rspec-expectations (3.8.2)
      diff-lcs (>= 1.2.0, < 2.0)
      rspec-support (~> 3.8.0)
    rspec-mocks (3.8.0)
      diff-lcs (>= 1.2.0, < 2.0)
      rspec-support (~> 3.8.0)
    rspec-support (3.8.0)
    ruby_dep (1.5.0)
    simplecov (0.16.1)
      docile (~> 1.1)
      json (>= 1.8, < 3)
      simplecov-html (~> 0.10.0)
    simplecov-html (0.10.2)
    simplecov-summary (0.0.5)
      colorize
      simplecov
    sinatra (2.0.5)
      mustermann (~> 1.0)
      rack (~> 2.0)
      rack-protection (= 2.0.5)
      tilt (~> 2.0)
    sinatra-contrib (2.0.5)
      backports (>= 2.8.2)
      multi_json
      mustermann (~> 1.0)
      rack-protection (= 2.0.5)
      sinatra (= 2.0.5)
      tilt (>= 1.3, < 3)
    sleepy_penguin (3.5.1)
    term-ansicolor (1.7.0)
      tins (~> 1.0)
    thor (0.19.4)
    thread_safe (0.3.6)
    tilt (2.0.9)
    tins (1.20.2)
    tzinfo (1.2.5)
      thread_safe (~> 0.1)
    unicorn (5.4.1)
      kgio (~> 2.6)
      raindrops (~> 0.7)
    versionomy (0.5.0)
      blockenspiel (~> 0.5)
    yard (0.9.16)

PLATFORMS
  ruby

DEPENDENCIES
  activesupport
  addressable
  async_sinatra
  bundler (~> 1.13)
  coveralls
  em-http-request
  eventmachine (>= 1.2.0.1)
  foreman
  localmemcache
  moneta
  rack
  rack-handlers
  rack-test
  rack-timeout
  rainbows
  rake
  rb-fsevent
  rerun
  rspec
  simplecov
  simplecov-summary
  sinatra
  sinatra-contrib
  sleepy_penguin
  versionomy
  yard (>= 0.8.7)

RUBY VERSION
   ruby 2.6.0p0

BUNDLED WITH
   1.17.2
